GEM
  remote: https://rubygems.org/
  specs:
    bson (1.11.1)
    bson_ext (1.11.1)
      bson (~> 1.11.1)
    daemons (1.1.9)
    eventmachine (1.0.3)
    httparty (0.13.3)
      json (~> 1.8)
      multi_xml (>= 0.5.2)
    json (1.8.1)
    mongo (1.11.1)
      bson (= 1.11.1)
    multi_xml (0.5.5)
    qm (1.2.1)
      bson_ext (= 1.11.1)
      httparty (= 0.13.3)
      json (= 1.8.1)
      mongo (= 1.11.1)
      sinatra (= 1.4.5)
      sinatra-cross_origin (= 0.3.2)
    rack (1.5.2)
    rack-protection (1.5.3)
      rack
    sinatra (1.4.5)
      rack (~> 1.4)
      rack-protection (~> 1.4)
      tilt (~> 1.3, >= 1.3.4)
    sinatra-cross_origin (0.3.2)
    thin (1.6.3)
      daemons (~> 1.0, >= 1.0.9)
      eventmachine (~> 1.0)
      rack (~> 1.0)
    tilt (1.4.1)

PLATFORMS
  ruby

DEPENDENCIES
  json
  qm
  thin
