GIT
  remote: https://github.com/qmachine/qm-ruby.git
  revision: 6453f9008328c7cb5d873c4148703f7958763f2b
  specs:
    qm (1.2.3)
      bson_ext (= 1.11.1)
      httparty (= 0.13.3)
      json (= 1.8.2)
      mongo (= 1.11.1)
      sinatra (= 1.4.5)
      sinatra-cross_origin (= 0.3.2)
      unicorn (= 4.8.3)

GEM
  remote: https://rubygems.org/
  specs:
    bson (1.11.1)
    bson_ext (1.11.1)
      bson (~> 1.11.1)
    httparty (0.13.3)
      json (~> 1.8)
      multi_xml (>= 0.5.2)
    json (1.8.2)
    kgio (2.9.3)
    mongo (1.11.1)
      bson (= 1.11.1)
    multi_xml (0.5.5)
    rack (1.6.0)
    rack-protection (1.5.3)
      rack
    raindrops (0.13.0)
    sinatra (1.4.5)
      rack (~> 1.4)
      rack-protection (~> 1.4)
      tilt (~> 1.3, >= 1.3.4)
    sinatra-cross_origin (0.3.2)
    tilt (1.4.1)
    unicorn (4.8.3)
      kgio (~> 2.6)
      rack
      raindrops (~> 0.7)

PLATFORMS
  ruby

DEPENDENCIES
  qm!
